GIT
  remote: git@github.com:mkorfmann/constructable.git
  revision: 2c9c66f2030c8d960cfd0e24eb7a96bfdea7b932
  specs:
    constructable (0.2.5)

GEM
  remote: http://rubygems.org/
  specs:
    activesupport (3.0.8)
    awesome_print (0.4.0)
    git (1.2.5)
    jeweler (1.6.2)
      bundler (~> 1.0)
      git (>= 1.2.5)
      rake
    rake (0.9.2)
    simplecov (0.4.2)
      simplecov-html (~> 0.4.4)
    simplecov-html (0.4.5)

PLATFORMS
  ruby

DEPENDENCIES
  activesupport
  awesome_print
  constructable!
  jeweler (~> 1.6.0)
  rake
  simplecov
