GEM
  remote: http://rubygems.org/
  specs:
    awesome_print (0.4.0)
    constructable (0.2.3)
    git (1.2.5)
    jeweler (1.6.2)
      bundler (~> 1.0)
      git (>= 1.2.5)
      rake
    rake (0.9.2)
    simplecov (0.4.2)
      simplecov-html (~> 0.4.4)
    simplecov-html (0.4.5)

PLATFORMS
  ruby

DEPENDENCIES
  awesome_print
  constructable
  jeweler (~> 1.6.0)
  rake
  simplecov
