PATH
  remote: ~/Projects/constructable
  specs:
    constructable (0.1)

GEM
  remote: http://rubygems.org/
  specs:
    git (1.2.5)
    jeweler (1.6.2)
      bundler (~> 1.0)
      git (>= 1.2.5)
      rake
    rake (0.9.1)
    rcov (0.9.9)

PLATFORMS
  ruby

DEPENDENCIES
  constructable (= 0.1)!
  jeweler (~> 1.6.0)
  rcov
