PATH
  remote: ~/Projects/constructable
  specs:
    constructable (0.2.3)

GEM
  remote: http://rubygems.org/
  specs:
    awesome_print (0.4.0)
    git (1.2.5)
    jeweler (1.6.2)
      bundler (~> 1.0)
      git (>= 1.2.5)
      rake
    rake (0.9.2)
    rcov (0.9.9)

PLATFORMS
  ruby

DEPENDENCIES
  awesome_print
  constructable!
  jeweler (~> 1.6.0)
  rcov
